GEM
  remote: https://rubygems.org/
  specs:
    json (2.6.1)
    mustermann (1.1.1)
      ruby2_keywords (~> 0.0.1)
    pg (1.2.3-x64-mingw32)
    rack (2.2.3)
    rack-protection (2.1.0)
      rack
    ruby2_keywords (0.0.5)
    sinatra (2.1.0)
      mustermann (~> 1.0)
      rack (~> 2.2)
      rack-protection (= 2.1.0)
      tilt (~> 2.0)
    tilt (2.0.10)

PLATFORMS
  x64-mingw32

DEPENDENCIES
  json
  pg
  sinatra

BUNDLED WITH
   1.17.2
